PATH
  remote: .
  specs:
    cri (2.7.1)
      colored (~> 1.2)

GEM
  remote: https://rubygems.org/
  specs:
    asciidoctor (1.5.5)
    ast (2.3.0)
    colored (1.2)
    coveralls (0.8.18)
      json (>= 1.8, < 3)
      simplecov (~> 0.12.0)
      term-ansicolor (~> 1.3)
      thor (~> 0.19.1)
      tins (~> 1.6)
    docile (1.1.5)
    json (2.0.3)
    minitest (5.10.1)
    parser (2.3.3.1)
      ast (~> 2.2)
    powerpack (0.1.1)
    rainbow (2.2.1)
    rake (12.0.0)
    rubocop (0.47.1)
      parser (>= 2.3.3.1, < 3.0)
      powerpack (~> 0.1)
      rainbow (>= 1.99.1, < 3.0)
      ruby-progressbar (~> 1.7)
      unicode-display_width (~> 1.0, >= 1.0.1)
    ruby-progressbar (1.8.1)
    simplecov (0.12.0)
      docile (~> 1.1.0)
      json (>= 1.8, < 3)
      simplecov-html (~> 0.10.0)
    simplecov-html (0.10.0)
    term-ansicolor (1.4.0)
      tins (~> 1.0)
    thor (0.19.4)
    tins (1.13.0)
    unicode-display_width (1.1.3)
    yard (0.9.8)

PLATFORMS
  ruby

DEPENDENCIES
  asciidoctor
  bundler (~> 1.6)
  coveralls
  cri!
  minitest
  rake
  rubocop
  yard

BUNDLED WITH
   1.13.7
